GEM
  remote: https://rubygems.org/
  specs:
    celluloid (0.17.3)
      celluloid-essentials
      celluloid-extras
      celluloid-fsm
      celluloid-pool
      celluloid-supervision
      timers (>= 4.1.1)
    celluloid-essentials (0.20.5)
      timers (>= 4.1.1)
    celluloid-extras (0.20.5)
      timers (>= 4.1.1)
    celluloid-fsm (0.20.5)
      timers (>= 4.1.1)
    celluloid-io (0.17.3)
      celluloid (>= 0.17.2)
      nio4r (>= 1.1)
      timers (>= 4.1.1)
    celluloid-pool (0.20.5)
      timers (>= 4.1.1)
    celluloid-supervision (0.20.6)
      timers (>= 4.1.1)
    eye (0.10.0)
      celluloid (~> 0.17.3)
      celluloid-io (~> 0.17.0)
      kostya-sigar (~> 2.0.0)
      state_machines
      thor
    hitimes (1.3.0)
    kostya-sigar (2.0.4)
    mustermann (1.0.2)
    nio4r (2.3.1)
    rack (2.2.3)
    rack-protection (2.0.3)
      rack
    sinatra (2.0.3)
      mustermann (~> 1.0)
      rack (~> 2.0)
      rack-protection (= 2.0.3)
      tilt (~> 2.0)
    state_machines (0.5.0)
    thor (0.20.0)
    tilt (2.0.8)
    timers (4.1.2)
      hitimes

PLATFORMS
  ruby

DEPENDENCIES
  eye
  sinatra

BUNDLED WITH
   1.15.4
